PATH
  remote: .
  specs:
    acts_as_markup (2.0.2)
      activerecord (>= 3.0.20)
      activesupport (>= 3.0.20)
      rdiscount

GEM
  remote: http://rubygems.org/
  specs:
    RedCloth (4.2.9)
    activemodel (4.2.3)
      activesupport (= 4.2.3)
      builder (~> 3.1)
    activerecord (4.2.3)
      activemodel (= 4.2.3)
      activesupport (= 4.2.3)
      arel (~> 6.0)
    activesupport (4.2.3)
      i18n (~> 0.7)
      json (~> 1.7, >= 1.7.7)
      minitest (~> 5.1)
      thread_safe (~> 0.3, >= 0.3.4)
      tzinfo (~> 1.1)
    appraisal (2.0.2)
      bundler
      rake
      thor (>= 0.14.0)
    arel (6.0.2)
    bluecloth (2.2.0)
    brianjlandau-sdoc-helpers (0.1.5)
    builder (3.2.2)
    i18n (0.7.0)
    json (1.8.3)
    maruku (0.7.2)
    minitest (5.7.0)
    rake (13.0.1)
    rdiscount (2.1.8)
    rdoc (4.2.0)
    redcarpet (3.3.2)
    rpeg-markdown (1.4.6)
    sdoc (0.4.1)
      json (~> 1.7, >= 1.7.7)
      rdoc (~> 4.0)
    shoulda (3.5.0)
      shoulda-context (~> 1.0, >= 1.0.1)
      shoulda-matchers (>= 1.4.1, < 3.0)
    shoulda-context (1.2.1)
    shoulda-matchers (2.8.0)
      activesupport (>= 3.0.0)
    sqlite3 (1.3.10)
    thor (0.19.1)
    thread_safe (0.3.5)
    tzinfo (1.2.2)
      thread_safe (~> 0.1)

PLATFORMS
  ruby

DEPENDENCIES
  RedCloth
  acts_as_markup!
  appraisal
  bluecloth
  brianjlandau-sdoc-helpers
  maruku
  rdoc (~> 4.0)
  redcarpet
  rpeg-markdown
  sdoc
  shoulda
  sqlite3
