PATH
  remote: .
  specs:
    acts_as_markup (2.0.2)
      activerecord (>= 3.0.20)
      activesupport (>= 3.0.20)
      rdiscount

GEM
  remote: http://rubygems.org/
  specs:
    RedCloth (4.2.9)
    activemodel (7.0.3.1)
      activesupport (= 7.0.3.1)
    activerecord (7.0.3.1)
      activemodel (= 7.0.3.1)
      activesupport (= 7.0.3.1)
    activesupport (7.0.3.1)
      concurrent-ruby (~> 1.0, >= 1.0.2)
      i18n (>= 1.6, < 2)
      minitest (>= 5.1)
      tzinfo (~> 2.0)
    appraisal (2.0.2)
      bundler
      rake
      thor (>= 0.14.0)
    bluecloth (2.2.0)
    brianjlandau-sdoc-helpers (0.1.5)
    concurrent-ruby (1.1.10)
    i18n (1.11.0)
      concurrent-ruby (~> 1.0)
    json (1.8.6)
    maruku (0.7.2)
    minitest (5.16.2)
    rake (10.4.2)
    rdiscount (2.1.8)
    rdoc (4.2.0)
    redcarpet (3.3.2)
    rpeg-markdown (1.4.6)
    sdoc (0.4.1)
      json (~> 1.7, >= 1.7.7)
      rdoc (~> 4.0)
    shoulda (3.5.0)
      shoulda-context (~> 1.0, >= 1.0.1)
      shoulda-matchers (>= 1.4.1, < 3.0)
    shoulda-context (1.2.1)
    shoulda-matchers (2.8.0)
      activesupport (>= 3.0.0)
    sqlite3 (1.3.10)
    thor (0.19.1)
    tzinfo (2.0.4)
      concurrent-ruby (~> 1.0)

PLATFORMS
  ruby

DEPENDENCIES
  RedCloth
  acts_as_markup!
  appraisal
  bluecloth
  brianjlandau-sdoc-helpers
  maruku
  rdoc (~> 4.0)
  redcarpet
  rpeg-markdown
  sdoc
  shoulda
  sqlite3
